PATH
  remote: .
  specs:
    timex_datalink_crt (0.1.0)
      ruby-sdl2 (~> 0.3.5)
      timex_datalink_client (~> 0.12.1)

GEM
  remote: https://rubygems.org/
  specs:
    activemodel (7.0.6)
      activesupport (= 7.0.6)
    activesupport (7.0.6)
      concurrent-ruby (~> 1.0, >= 1.0.2)
      i18n (>= 1.6, < 2)
      minitest (>= 5.1)
      tzinfo (~> 2.0)
    concurrent-ruby (1.2.2)
    crc (0.4.2)
    ffi (1.15.5)
    i18n (1.14.1)
      concurrent-ruby (~> 1.0)
    mdb (0.5.0)
    minitest (5.18.1)
    ruby-sdl2 (0.3.5)
    rubyserial (0.6.0)
      ffi (~> 1.9, >= 1.9.3)
    timex_datalink_client (0.12.1)
      activemodel (~> 7.0.4)
      crc (~> 0.4.2)
      mdb (~> 0.5.0)
      rubyserial (~> 0.6.0)
    tzinfo (2.0.6)
      concurrent-ruby (~> 1.0)

PLATFORMS
  x86_64-linux

DEPENDENCIES
  timex_datalink_crt!

BUNDLED WITH
   2.3.21
